PATH
  remote: .
  specs:
    dialable (0.6.0)
      tzinfo

GEM
  remote: https://rubygems.org/
  specs:
    diff-lcs (1.1.3)
    rake (10.0.3)
    rspec (2.12.0)
      rspec-core (~> 2.12.0)
      rspec-expectations (~> 2.12.0)
      rspec-mocks (~> 2.12.0)
    rspec-core (2.12.2)
    rspec-expectations (2.12.1)
      diff-lcs (~> 1.1.3)
    rspec-mocks (2.12.2)
    timecop (0.5.9.1)
    timezone (0.2.1)
    tzinfo (0.3.35)

PLATFORMS
  ruby

DEPENDENCIES
  dialable!
  rake
  rspec
  timecop
  timezone
  tzinfo
